PATH
  remote: .
  specs:
    vwo_log_messages (0.7.0)

GEM
  remote: http://rubygems.org/
  specs:

PLATFORMS
  x86_64-darwin-17

DEPENDENCIES
  vwo_log_messages!

BUNDLED WITH
   2.3.5
