PATH
  remote: .
  specs:
    vwo_log_messages (0.7.4)

GEM
  remote: http://rubygems.org/
  specs:

PLATFORMS
  ruby

DEPENDENCIES
  vwo_log_messages!

BUNDLED WITH
   2.2.10
